GEM
  remote: http://rubygems.org/
  specs:
    RedCloth (4.2.3)
    actionmailer (2.3.11)
      actionpack (= 2.3.11)
    actionpack (2.3.11)
      activesupport (= 2.3.11)
      rack (~> 1.1.0)
    activerecord (2.3.11)
      activesupport (= 2.3.11)
    activeresource (2.3.11)
      activesupport (= 2.3.11)
    activesupport (2.3.11)
    acts-as-taggable-on (2.0.6)
    daemons (1.1.0)
    eventmachine (0.12.10)
    hoe (2.9.1)
      rake (>= 0.8.7)
    i18n (0.4.2)
    rack (1.1.0)
    rails (2.3.11)
      actionmailer (= 2.3.11)
      actionpack (= 2.3.11)
      activerecord (= 2.3.11)
      activeresource (= 2.3.11)
      activesupport (= 2.3.11)
      rake (>= 0.8.3)
    rake (0.8.7)
    rspec (1.3.1)
    rspec-rails (1.3.3)
      rack (>= 1.0.0)
      rspec (= 1.3.1)
    shoulda (2.11.3)
    sqlite3-ruby (1.3.2)
    test-unit (1.2.3)
      hoe (>= 1.5.1)
    thin (1.2.8)
      daemons (>= 1.0.9)
      eventmachine (>= 0.12.6)
      rack (>= 1.0.0)
    will_paginate (2.3.15)

PLATFORMS
  ruby

DEPENDENCIES
  RedCloth
  acts-as-taggable-on (~> 2.0.0)
  i18n (~> 0.4.0)
  rails (= 2.3.11)
  rspec (~> 1.3.1)
  rspec-rails (~> 1.3.3)
  shoulda
  sqlite3-ruby
  test-unit (~> 1.2.3)
  thin
  will_paginate (~> 2.3.0)
